PATH
  remote: ./sippy_cup
  specs:
    sippy_cup (0.3.0)
      activesupport (> 3.0)
      nokogiri (~> 1.6.0)
      packetfu
      psych (~> 2.0.0)

GEM
  remote: http://rubygems.org/
  specs:
    activemodel (4.1.7)
      activesupport (= 4.1.7)
      builder (~> 3.1)
    activesupport (4.1.7)
      i18n (~> 0.6, >= 0.6.9)
      json (~> 1.7, >= 1.7.7)
      minitest (~> 5.1)
      thread_safe (~> 0.1)
      tzinfo (~> 1.1)
    amq-protocol (1.9.2)
    bson (2.3.0)
    builder (3.2.2)
    bunny (1.6.2)
      amq-protocol (>= 1.9.2)
    capybara (2.4.4)
      mime-types (>= 1.16)
      nokogiri (>= 1.3.3)
      rack (>= 1.0.0)
      rack-test (>= 0.5.4)
      xpath (~> 2.0)
    celluloid (0.16.0)
      timers (~> 4.0.0)
    childprocess (0.5.5)
      ffi (~> 1.0, >= 1.0.11)
    connection_pool (2.0.0)
    diff-lcs (1.2.5)
    faker (1.4.3)
      i18n (~> 0.5)
    ffi (1.9.6)
    hitimes (1.2.2)
    i18n (0.6.11)
    json (1.8.1)
    mime-types (2.4.3)
    mini_portile (0.6.1)
    minitest (5.4.2)
    mongoid (4.0.0)
      activemodel (~> 4.0)
      moped (~> 2.0.0)
      origin (~> 2.1)
      tzinfo (>= 0.3.37)
    moped (2.0.1)
      bson (~> 2.2)
      connection_pool (~> 2.0)
      optionable (~> 0.2.0)
    multi_json (1.10.1)
    mysql2 (0.3.16)
    nokogiri (1.6.4.1)
      mini_portile (~> 0.6.0)
    optionable (0.2.0)
    origin (2.1.1)
    packetfu (1.1.10)
    psych (2.0.6)
    rack (1.5.2)
    rack-test (0.6.2)
      rack (>= 1.0)
    redis (3.1.0)
    rspec (3.1.0)
      rspec-core (~> 3.1.0)
      rspec-expectations (~> 3.1.0)
      rspec-mocks (~> 3.1.0)
    rspec-core (3.1.7)
      rspec-support (~> 3.1.0)
    rspec-expectations (3.1.2)
      diff-lcs (>= 1.2.0, < 2.0)
      rspec-support (~> 3.1.0)
    rspec-mocks (3.1.3)
      rspec-support (~> 3.1.0)
    rspec-support (3.1.2)
    rubyzip (1.1.6)
    selenium-webdriver (2.44.0)
      childprocess (~> 0.5)
      multi_json (~> 1.0)
      rubyzip (~> 1.0)
      websocket (~> 1.0)
    sequel (4.16.0)
    thread_safe (0.3.4)
    timers (4.0.1)
      hitimes
    tzinfo (1.2.2)
      thread_safe (~> 0.1)
    websocket (1.2.1)
    xpath (2.0.0)
      nokogiri (~> 1.3)

PLATFORMS
  ruby

DEPENDENCIES
  activesupport
  bunny
  capybara
  celluloid
  connection_pool
  faker
  mongoid
  mysql2
  redis
  rspec
  selenium-webdriver
  sequel
  sippy_cup!
